GEM
  remote: https://rubygems.org/
  specs:
    byebug (9.1.0)
    dotenv (2.4.0)
    mysql2 (0.5.1)
    pg (1.0.0)

PLATFORMS
  ruby

DEPENDENCIES
  byebug (~> 9.0, >= 9.0.6)
  dotenv (~> 2.2, >= 2.2.1)
  mysql2
  pg

BUNDLED WITH
   1.16.1
