GEM
  remote: https://rubygems.org/
  specs:
    byebug (9.1.0)
    concurrent-ruby (1.0.5)
    dotenv (2.4.0)
    faker (1.8.7)
      i18n (>= 0.7)
    i18n (1.0.1)
      concurrent-ruby (~> 1.0)
    mysql (2.9.1)
    pg (1.0.0)

PLATFORMS
  ruby

DEPENDENCIES
  byebug (~> 9.0, >= 9.0.6)
  dotenv (~> 2.2, >= 2.2.1)
  faker
  mysql
  pg

BUNDLED WITH
   1.16.1
